GEM
  remote: http://rubygems.org/
  specs:
    json (1.6.4)
    rack (1.4.0)
    rack-flash (0.1.2)
      rack
    rack-protection (1.2.0)
      rack
    redis (2.2.2)
    sinatra (1.3.2)
      rack (~> 1.3, >= 1.3.6)
      rack-protection (~> 1.2)
      tilt (~> 1.3, >= 1.3.3)
    slim (1.0.4)
      temple (~> 0.3.4)
      tilt (~> 1.3.2)
    temple (0.3.4)
    tilt (1.3.3)

PLATFORMS
  ruby

DEPENDENCIES
  json
  rack-flash
  redis
  sinatra
  slim
