GEM
  remote: http://rubygems.org/
  specs:
    json (1.6.4)
    mime-types (1.23)
    rack (1.3.6)
    rack-protection (1.2.0)
      rack
    redis (2.2.2)
    rest-client (1.6.7)
      mime-types (>= 1.16)
    sinatra (1.3.2)
      rack (~> 1.3, >= 1.3.6)
      rack-protection (~> 1.2)
      tilt (~> 1.3, >= 1.3.3)
    sinatra-flash (0.3.0)
      sinatra (>= 1.0.0)
    slim (1.0.4)
      temple (~> 0.3.4)
      tilt (~> 1.3.2)
    temple (0.3.4)
    tilt (1.3.3)

PLATFORMS
  ruby

DEPENDENCIES
  json
  rack (= 1.3.6)
  redis
  rest-client
  sinatra
  sinatra-flash
  slim
