GEM
  remote: http://rubygems.org/
  specs:
    json (1.8.1)
    mime-types (2.4.3)
    netrc (0.8.0)
    rack (1.5.2)
    rack-protection (1.5.3)
      rack
    redis (3.1.0)
    rest-client (1.7.2)
      mime-types (>= 1.16, < 3.0)
      netrc (~> 0.7)
    sinatra (1.4.5)
      rack (~> 1.4)
      rack-protection (~> 1.4)
      tilt (~> 1.3, >= 1.3.4)
    sinatra-flash (0.3.0)
      sinatra (>= 1.0.0)
    slim (2.1.0)
      temple (~> 0.6.9)
      tilt (>= 1.3.3, < 2.1)
    temple (0.6.9)
    tilt (1.4.1)

PLATFORMS
  ruby

DEPENDENCIES
  json
  rack
  redis
  rest-client
  sinatra
  sinatra-flash
  slim
